GEM
  remote: https://rubygems.org/
  specs:
    bindata (2.1.0)
    coderay (1.1.0)
    configatron (3.2.0)
    lifx (0.4.11)
      bindata (~> 2.0)
      configatron (~> 3.0)
      timers (~> 1.0)
    method_source (0.8.2)
    pry (0.10.1)
      coderay (~> 1.1.0)
      method_source (~> 0.8.1)
      slop (~> 3.4)
    slop (3.6.0)
    timers (1.1.0)

PLATFORMS
  ruby

DEPENDENCIES
  lifx
  pry
  timers
